GEM
  remote: https://rubygems.org/
  specs:
    mina (0.3.7)
      open4 (~> 1.3.4)
      rake
    open4 (1.3.4)
    rack (1.6.4)
    rack-protection (1.5.3)
      rack
    rake (10.4.2)
    sinatra (1.4.6)
      rack (~> 1.4)
      rack-protection (~> 1.4)
      tilt (>= 1.3, < 3)
    tilt (2.0.1)

PLATFORMS
  ruby

DEPENDENCIES
  mina
  sinatra

BUNDLED WITH
   1.10.5
